GEM
  remote: http://rubygems.org/
  specs:
    RedCloth (4.2.7)
    chunky_png (1.2.0)
    coffee-script (2.2.0)
      coffee-script-source
      execjs
    coffee-script-source (0.9.5)
    compass (0.11.5)
      chunky_png (~> 1.2)
      fssm (>= 0.2.7)
      sass (~> 3.1)
    cuba (2.0.0)
      rack (~> 1.2)
      tilt (~> 1.2)
    execjs (0.2.0)
    fssm (0.2.7)
    haml (3.1.2)
    hashie (1.0.0)
    maruku (0.6.0)
      syntax (>= 1.0.0)
    proton (0.3.4)
      RedCloth (~> 4.2.3)
      compass (~> 0.11.1)
      cuba (~> 2.0.0)
      haml (~> 3.1.1)
      hashie (~> 1.0.0)
      maruku (~> 0.6.0)
      sass (~> 3.1.1)
      shake (~> 0.1)
      tilt (~> 1.3.2)
    rack (1.2.1)
    sass (3.1.5)
    shake (0.1.2)
    syntax (1.0.0)
    therubyracer-heroku (0.8.1.pre3)
    tilt (1.3.2)

PLATFORMS
  ruby

DEPENDENCIES
  coffee-script
  haml
  proton (~> 0.3.4)
  sass
  therubyracer-heroku (= 0.8.1.pre3)
